GEM
  remote: https://rubygems.org/
  specs:
    citrus (3.0.2)
    power_assert (0.2.7)
    test-unit (3.1.8)
      power_assert
    toml-rb (0.3.14)
      citrus (~> 3.0, > 3.0)

PLATFORMS
  ruby

DEPENDENCIES
  test-unit
  toml-rb

BUNDLED WITH
   1.12.1
